GEM
  remote: http://rubygems.org/
  specs:
    RedCloth (4.2.9)
    babosa (0.3.11)
    blankslate (2.1.2.4)
    chunky_png (1.3.3)
    classifier (1.3.4)
      fast-stemmer (>= 1.0.0)
    colorator (0.1)
    commander (4.1.6)
      highline (~> 1.6.11)
    compass (1.0.1)
      chunky_png (~> 1.2)
      compass-core (~> 1.0.1)
      compass-import-once (~> 1.0.5)
      rb-fsevent (>= 0.9.3)
      rb-inotify (>= 0.9)
      sass (>= 3.3.13, < 3.5)
    compass-core (1.0.1)
      multi_json (~> 1.0)
      sass (>= 3.3.0, < 3.5)
    compass-import-once (1.0.5)
      sass (>= 3.2, < 3.5)
    execjs (2.2.2)
    fast-stemmer (1.0.2)
    ffi (1.9.6)
    haml (5.0.0)
      temple (>= 0.8.0)
      tilt
    highline (1.6.21)
    hike (1.2.3)
    ipaddress (0.8.0)
    jekyll (1.5.1)
      classifier (~> 1.3)
      colorator (~> 0.1)
      commander (~> 4.1.3)
      liquid (~> 2.5.5)
      listen (~> 1.3)
      maruku (= 0.7.0)
      pygments.rb (~> 0.5.0)
      redcarpet (~> 2.3.0)
      safe_yaml (~> 1.0)
      toml (~> 0.1.0)
    jekyll-assets (0.9.2)
      jekyll (>= 1.0.0, < 3.0.0)
      sass (~> 3.2)
      sprockets (~> 2.10)
      sprockets-helpers
      sprockets-sass
    json (1.8.1)
    kgio (2.9.2)
    liquid (2.5.5)
    listen (1.3.1)
      rb-fsevent (>= 0.9.3)
      rb-inotify (>= 0.9)
      rb-kqueue (>= 0.2)
    maruku (0.7.0)
    multi_json (1.10.1)
    parslet (1.5.0)
      blankslate (~> 2.0)
    posix-spawn (0.3.9)
    pygmentize (0.0.3)
    pygments.rb (0.5.4)
      posix-spawn (~> 0.3.6)
      yajl-ruby (~> 1.1.0)
    rack (1.5.2)
    rack-jekyll (0.4.1)
      jekyll (>= 0.12.0, < 2.0)
      rack (~> 1.5.0)
    rack-protection (1.5.5)
      rack
    rack-subdomain (0.3.1)
      ipaddress (~> 0.8.0)
      rack (>= 1.2.0, <= 2.0.0)
    rackables (0.3.0)
      rack
    raindrops (0.13.0)
    rake (10.3.2)
    rb-fsevent (0.9.4)
    rb-inotify (0.9.5)
      ffi (>= 0.5.0)
    rb-kqueue (0.2.3)
      ffi (>= 0.5.0)
    rdiscount (2.1.7.1)
    redcarpet (2.3.0)
    rubypants (0.2.0)
    safe_yaml (1.0.4)
    sass (3.4.6)
    sinatra (1.4.5)
      rack (~> 1.4)
      rack-protection (~> 1.4)
      tilt (~> 1.3, >= 1.3.4)
    sprockets (2.12.2)
      hike (~> 1.2)
      multi_json (~> 1.0)
      rack (~> 1.0)
      tilt (~> 1.1, != 1.3.0)
    sprockets-helpers (1.1.0)
      sprockets (~> 2.0)
    sprockets-sass (1.2.0)
      sprockets (~> 2.0)
      tilt (~> 1.1)
    stringex (2.5.2)
    temple (0.8.2)
    thor (0.19.1)
    tilt (1.4.1)
    toml (0.1.2)
      parslet (~> 1.5.0)
    uglifier (2.5.3)
      execjs (>= 0.3.0)
      json (>= 1.8.0)
    unicorn (4.8.3)
      kgio (~> 2.6)
      rack
      raindrops (~> 0.7)
    yajl-ruby (1.1.0)

PLATFORMS
  ruby

DEPENDENCIES
  RedCloth
  babosa
  compass
  haml
  jekyll
  jekyll-assets
  liquid
  pygmentize
  rack
  rack-jekyll
  rack-subdomain
  rackables
  rake
  rdiscount
  rubypants
  sinatra
  stringex
  thor
  uglifier
  unicorn

BUNDLED WITH
   1.10.3
